GEM
  remote: http://rubygems.org/
  specs:
    recurly (2.0.11)

PLATFORMS
  ruby

DEPENDENCIES
  recurly
